GIT
  remote: git://github.com/moneyadviceservice/bowndler.git
  revision: f836a295f0eac8ba02a6dc4733d000a7f1fc8a00
  specs:
    bowndler (1.0.2)
      thor

GIT
  remote: https://github.com/moneyadviceservice/dough.git
  revision: 238a32999b040d89aa5774d510525e46904079b4
  ref: 238a329
  branch: master
  specs:
    dough-ruby (6.0.0)
      activemodel
      activesupport
      rails (>= 3.2)
      sass-rails

GEM
  remote: https://rubygems.org/
  specs:
    actioncable (5.2.3)
      actionpack (= 5.2.3)
      nio4r (~> 2.0)
      websocket-driver (>= 0.6.1)
    actionmailer (5.2.3)
      actionpack (= 5.2.3)
      actionview (= 5.2.3)
      activejob (= 5.2.3)
      mail (~> 2.5, >= 2.5.4)
      rails-dom-testing (~> 2.0)
    actionpack (5.2.3)
      actionview (= 5.2.3)
      activesupport (= 5.2.3)
      rack (~> 2.0)
      rack-test (>= 0.6.3)
      rails-dom-testing (~> 2.0)
      rails-html-sanitizer (~> 1.0, >= 1.0.2)
    actionview (5.2.3)
      activesupport (= 5.2.3)
      builder (~> 3.1)
      erubi (~> 1.4)
      rails-dom-testing (~> 2.0)
      rails-html-sanitizer (~> 1.0, >= 1.0.3)
    active_link_to (1.0.5)
      actionpack
      addressable
    active_model_serializers (0.10.10)
      actionpack (>= 4.1, < 6.1)
      activemodel (>= 4.1, < 6.1)
      case_transform (>= 0.2)
      jsonapi-renderer (>= 0.1.1.beta1, < 0.3)
    activejob (5.2.3)
      activesupport (= 5.2.3)
      globalid (>= 0.3.6)
    activemodel (5.2.3)
      activesupport (= 5.2.3)
    activerecord (5.2.3)
      activemodel (= 5.2.3)
      activesupport (= 5.2.3)
      arel (>= 9.0)
    activestorage (5.2.3)
      actionpack (= 5.2.3)
      activerecord (= 5.2.3)
      marcel (~> 0.3.1)
    activesupport (5.2.3)
      concurrent-ruby (~> 1.0, >= 1.0.2)
      i18n (>= 0.7, < 2)
      minitest (~> 5.1)
      tzinfo (~> 1.1)
    addressable (2.7.0)
      public_suffix (>= 2.0.2, < 5.0)
    algoliasearch (1.27.1)
      httpclient (~> 2.8, >= 2.8.3)
      json (>= 1.5.1)
    ansi (1.5.0)
    arel (9.0.0)
    ast (2.4.0)
    autoprefixer-rails (9.7.4)
      execjs
    azure-core (0.1.15)
      faraday (~> 0.9)
      faraday_middleware (~> 0.10)
      nokogiri (~> 1.6)
    azure-storage (0.15.0.preview)
      azure-core (~> 0.1)
      faraday (~> 0.9)
      faraday_middleware (~> 0.10)
      nokogiri (~> 1.6, >= 1.6.8)
    bcrypt (3.1.13)
    better_errors (2.6.0)
      coderay (>= 1.0.0)
      erubi (>= 1.0.0)
      rack (>= 0.9.0)
    binding_of_caller (0.8.0)
      debug_inspector (>= 0.0.1)
    bootstrap-sass (3.4.1)
      autoprefixer-rails (>= 5.2.1)
      sassc (>= 2.0.0)
    brakeman (4.8.0)
    builder (3.2.4)
    byebug (11.1.1)
    capybara (3.31.0)
      addressable
      mini_mime (>= 0.1.3)
      nokogiri (~> 1.8)
      rack (>= 1.6.0)
      rack-test (>= 0.6.3)
      regexp_parser (~> 1.5)
      xpath (~> 3.2)
    case_transform (0.2)
      activesupport
    claide (1.0.3)
    claide-plugins (0.9.2)
      cork
      nap
      open4 (~> 1.3)
    coderay (1.1.2)
    colored2 (3.1.2)
    concurrent-ruby (1.1.6)
    connection_pool (2.2.2)
    cork (0.3.0)
      colored2 (~> 3.1)
    crack (0.4.3)
      safe_yaml (~> 1.0.0)
    crass (1.0.6)
    danger (6.3.0)
      claide (~> 1.0)
      claide-plugins (>= 0.9.2)
      colored2 (~> 3.1)
      cork (~> 0.1)
      faraday (~> 0.9)
      faraday-http-cache (~> 2.0)
      git (~> 1.6)
      kramdown (~> 2.0)
      kramdown-parser-gfm (~> 1.0)
      no_proxy_fix
      octokit (~> 4.7)
      terminal-table (~> 1)
    danger-rubocop (0.7.1)
      danger
      rubocop
    database_cleaner (1.8.3)
    debug_inspector (0.0.3)
    devise (4.5.0)
      bcrypt (~> 3.0)
      orm_adapter (~> 0.1)
      railties (>= 4.1.0, < 6.0)
      responders
      warden (~> 1.2.3)
    devise-security (0.14.3)
      devise (>= 4.3.0, < 5.0)
      rails (>= 4.2.0, < 7.0)
    diff-lcs (1.3)
    domain_name (0.5.20190701)
      unf (>= 0.0.5, < 1.0.0)
    dotenv (2.7.5)
    dotenv-rails (2.7.5)
      dotenv (= 2.7.5)
      railties (>= 3.2, < 6.1)
    erubi (1.9.0)
    execjs (2.7.0)
    factory_bot (5.1.1)
      activesupport (>= 4.2.0)
    factory_bot_rails (5.1.1)
      factory_bot (~> 5.1.0)
      railties (>= 4.2.0)
    faker (2.10.2)
      i18n (>= 1.6, < 2)
    faraday (0.17.3)
      multipart-post (>= 1.2, < 3)
    faraday-http-cache (2.0.0)
      faraday (~> 0.8)
    faraday_middleware (0.14.0)
      faraday (>= 0.7.4, < 1.0)
    ffaker (2.13.0)
    ffi (1.12.2)
    geocoder (1.4.9)
    git (1.6.0)
      rchardet (~> 1.8)
    globalid (0.4.2)
      activesupport (>= 4.2.0)
    hashdiff (1.0.1)
    http-accept (1.7.0)
    http-cookie (1.0.3)
      domain_name (~> 0.5)
    httpclient (2.8.3)
    i18n (1.8.2)
      concurrent-ruby (~> 1.0)
    jaro_winkler (1.5.4)
    jquery-rails (4.3.5)
      rails-dom-testing (>= 1, < 3)
      railties (>= 4.2.0)
      thor (>= 0.14, < 2.0)
    json (2.3.0)
    jsonapi-renderer (0.2.2)
    kaminari (1.2.0)
      activesupport (>= 4.1.0)
      kaminari-actionview (= 1.2.0)
      kaminari-activerecord (= 1.2.0)
      kaminari-core (= 1.2.0)
    kaminari-actionview (1.2.0)
      actionview
      kaminari-core (= 1.2.0)
    kaminari-activerecord (1.2.0)
      activerecord
      kaminari-core (= 1.2.0)
    kaminari-core (1.2.0)
    kgio (2.11.3)
    kramdown (2.1.0)
    kramdown-parser-gfm (1.1.0)
      kramdown (~> 2.0)
    language_list (1.2.1)
    launchy (2.5.0)
      addressable (~> 2.7)
    letter_opener (1.7.0)
      launchy (~> 2.2)
    listen (3.2.1)
      rb-fsevent (~> 0.10, >= 0.10.3)
      rb-inotify (~> 0.9, >= 0.9.10)
    loofah (2.4.0)
      crass (~> 1.0.2)
      nokogiri (>= 1.5.9)
    mail (2.7.1)
      mini_mime (>= 0.1.1)
    mailjet (1.5.4)
      activesupport (>= 3.1.0)
      rack (>= 1.4.0)
      rest-client
    marcel (0.3.3)
      mimemagic (~> 0.3.2)
    method_source (0.9.2)
    mime-types (3.3.1)
      mime-types-data (~> 3.2015)
    mime-types-data (3.2019.1009)
    mimemagic (0.3.4)
    mini_mime (1.0.2)
    mini_portile2 (2.4.0)
    minitest (5.14.0)
    multipart-post (2.1.1)
    nap (1.1.0)
    netrc (0.11.0)
    nio4r (2.5.2)
    no_proxy_fix (0.1.2)
    nokogiri (1.10.9)
      mini_portile2 (~> 2.4.0)
    octokit (4.16.0)
      faraday (>= 0.9)
      sawyer (~> 0.8.0, >= 0.5.3)
    oga (3.2)
      ast
      ruby-ll (~> 2.1)
    open4 (1.3.4)
    orm_adapter (0.5.0)
    parallel (1.19.1)
    parser (2.7.0.4)
      ast (~> 2.4.0)
    pg (0.20.0)
    polyamorous (2.3.2)
      activerecord (>= 5.2.1)
    powerpack (0.1.2)
    pry (0.12.2)
      coderay (~> 1.1.0)
      method_source (~> 0.9.0)
    pry-byebug (3.8.0)
      byebug (~> 11.0)
      pry (~> 0.10)
    pry-rails (0.3.9)
      pry (>= 0.10.4)
    public_suffix (4.0.3)
    rack (2.2.2)
    rack-protection (2.0.8.1)
      rack
    rack-test (1.1.0)
      rack (>= 1.0, < 3)
    rails (5.2.3)
      actioncable (= 5.2.3)
      actionmailer (= 5.2.3)
      actionpack (= 5.2.3)
      actionview (= 5.2.3)
      activejob (= 5.2.3)
      activemodel (= 5.2.3)
      activerecord (= 5.2.3)
      activestorage (= 5.2.3)
      activesupport (= 5.2.3)
      bundler (>= 1.3.0)
      railties (= 5.2.3)
      sprockets-rails (>= 2.0.0)
    rails-dom-testing (2.0.3)
      activesupport (>= 4.2.0)
      nokogiri (>= 1.6)
    rails-html-sanitizer (1.3.0)
      loofah (~> 2.3)
    rails_email_validator (0.1.4)
      activemodel (>= 3.0.0)
    railties (5.2.3)
      actionpack (= 5.2.3)
      activesupport (= 5.2.3)
      method_source
      rake (>= 0.8.7)
      thor (>= 0.19.0, < 2.0)
    rainbow (3.0.0)
    raindrops (0.19.1)
    rake (13.0.1)
    ransack (2.3.2)
      activerecord (>= 5.2.1)
      activesupport (>= 5.2.1)
      i18n
      polyamorous (= 2.3.2)
    rb-fsevent (0.10.3)
    rb-inotify (0.10.1)
      ffi (~> 1.0)
    rb-readline (0.5.5)
    rchardet (1.8.0)
    redis (4.1.3)
    regexp_parser (1.7.0)
    responders (3.0.0)
      actionpack (>= 5.0)
      railties (>= 5.0)
    rest-client (2.1.0)
      http-accept (>= 1.7.0, < 2.0)
      http-cookie (>= 1.0.2, < 2.0)
      mime-types (>= 1.16, < 4.0)
      netrc (~> 0.8)
    rollbar (2.24.0)
    rspec-collection_matchers (1.2.0)
      rspec-expectations (>= 2.99.0.beta1)
    rspec-core (3.9.1)
      rspec-support (~> 3.9.1)
    rspec-expectations (3.9.0)
      diff-lcs (>= 1.2.0, < 2.0)
      rspec-support (~> 3.9.0)
    rspec-mocks (3.9.1)
      diff-lcs (>= 1.2.0, < 2.0)
      rspec-support (~> 3.9.0)
    rspec-rails (3.9.0)
      actionpack (>= 3.0)
      activesupport (>= 3.0)
      railties (>= 3.0)
      rspec-core (~> 3.9.0)
      rspec-expectations (~> 3.9.0)
      rspec-mocks (~> 3.9.0)
      rspec-support (~> 3.9.0)
    rspec-sidekiq (3.0.3)
      rspec-core (~> 3.0, >= 3.0.0)
      sidekiq (>= 2.4.0)
    rspec-support (3.9.2)
    rubocop (0.62.0)
      jaro_winkler (~> 1.5.1)
      parallel (~> 1.10)
      parser (>= 2.5, != 2.5.1.1)
      powerpack (~> 0.1)
      rainbow (>= 2.2.2, < 4.0)
      ruby-progressbar (~> 1.7)
      unicode-display_width (~> 1.4.0)
    ruby-ll (2.1.2)
      ansi
      ast
    ruby-progressbar (1.10.1)
    rubyzip (2.2.0)
    safe_yaml (1.0.5)
    sass-rails (6.0.0)
      sassc-rails (~> 2.1, >= 2.1.1)
    sassc (2.2.1)
      ffi (~> 1.9)
    sassc-rails (2.1.2)
      railties (>= 4.0.0)
      sassc (>= 2.0)
      sprockets (> 3.0)
      sprockets-rails
      tilt
    sawyer (0.8.2)
      addressable (>= 2.3.5)
      faraday (> 0.8, < 2.0)
    sidekiq (6.0.5)
      connection_pool (>= 2.2.2)
      rack (~> 2.0)
      rack-protection (>= 2.0.0)
      redis (>= 4.1.0)
    sidekiq-unique-jobs (6.0.18)
      concurrent-ruby (~> 1.0, >= 1.0.5)
      sidekiq (>= 4.0, < 7.0)
      thor (~> 0)
    site_prism (3.4.2)
      addressable (~> 2.5)
      capybara (~> 3.3)
      site_prism-all_there (>= 0.3.1, < 1.0)
    site_prism-all_there (0.3.2)
    sprockets (4.0.0)
      concurrent-ruby (~> 1.0)
      rack (> 1, < 3)
    sprockets-rails (3.2.1)
      actionpack (>= 4.0)
      activesupport (>= 4.0)
      sprockets (>= 3.0.0)
    statsd-ruby (1.4.0)
    terminal-table (1.8.0)
      unicode-display_width (~> 1.1, >= 1.1.1)
    thor (0.20.3)
    thread_safe (0.3.6)
    tilt (2.0.10)
    timecop (0.9.1)
    tzinfo (1.2.6)
      thread_safe (~> 0.1)
    tzinfo-data (1.2019.3)
      tzinfo (>= 1.0.0)
    uglifier (4.2.0)
      execjs (>= 0.3.0, < 3)
    uk_phone_numbers (0.1.1)
    uk_postcode (2.1.5)
    unf (0.1.4)
      unf_ext
    unf_ext (0.0.7.6)
    unicode-display_width (1.4.1)
    unicorn (5.5.3)
      kgio (~> 2.6)
      raindrops (~> 0.7)
    vcr (5.1.0)
    warden (1.2.8)
      rack (>= 2.0.6)
    webmock (3.8.2)
      addressable (>= 2.3.6)
      crack (>= 0.3.2)
      hashdiff (>= 0.4.0, < 2.0.0)
    websocket-driver (0.7.1)
      websocket-extensions (>= 0.1.0)
    websocket-extensions (0.1.4)
    xpath (3.2.0)
      nokogiri (~> 1.8)

PLATFORMS
  ruby

DEPENDENCIES
  active_link_to
  active_model_serializers (~> 0.10.1)
  algoliasearch
  azure-storage
  better_errors
  binding_of_caller
  bootstrap-sass
  bowndler!
  brakeman
  capybara
  danger
  danger-rubocop
  database_cleaner
  devise (~> 4.5.0)
  devise-security (~> 0.13)
  dotenv-rails
  dough-ruby!
  factory_bot_rails
  faker
  ffaker
  geocoder (~> 1.4.7)
  httpclient (~> 2.8.3)
  jquery-rails
  kaminari
  language_list (~> 1.2.1)
  launchy
  letter_opener
  listen
  mailjet
  oga
  pg (~> 0.20.0)
  pry-byebug
  pry-rails
  rails (= 5.2.3)
  rails_email_validator
  ransack
  rb-readline
  rollbar
  rspec-collection_matchers
  rspec-rails
  rspec-sidekiq
  rubocop (= 0.62.0)
  rubyzip
  sass-rails
  sidekiq
  sidekiq-unique-jobs
  site_prism
  statsd-ruby (~> 1.4.0)
  timecop
  tzinfo-data
  uglifier (>= 1.3.0)
  uk_phone_numbers (~> 0.1.1)
  uk_postcode (~> 2.1.2)
  unicorn
  vcr
  webmock

RUBY VERSION
   ruby 2.6.5p114

BUNDLED WITH
   1.17.2
